PATH
  remote: .
  specs:
    hopfield (1.2)

GEM
  remote: https://rubygems.org/
  specs:
    chunky_png (1.2.8)
    diff-lcs (1.2.4)
    rspec (2.13.0)
      rspec-core (~> 2.13.0)
      rspec-expectations (~> 2.13.0)
      rspec-mocks (~> 2.13.0)
    rspec-core (2.13.1)
    rspec-expectations (2.13.0)
      diff-lcs (>= 1.1.3, < 2.0)
    rspec-mocks (2.13.1)

PLATFORMS
  ruby

DEPENDENCIES
  chunky_png
  hopfield!
  rspec
